GEM
  remote: https://rubygems.org/
  specs:
    addressable (2.8.1)
      public_suffix (>= 2.0.2, < 6.0)
    colorize (0.8.1)
    faraday (2.6.0)
      faraday-net_http (>= 2.0, < 3.1)
      ruby2_keywords (>= 0.0.4)
    faraday-net_http (3.0.1)
    faraday-retry (2.0.0)
      faraday (~> 2.0)
    octokit (5.6.1)
      faraday (>= 1, < 3)
      sawyer (~> 0.9)
    public_suffix (5.0.0)
    rexml (3.2.5)
    ruby-graphviz (1.2.5)
      rexml
    ruby2_keywords (0.0.5)
    sawyer (0.9.2)
      addressable (>= 2.3.5)
      faraday (>= 0.17.3, < 3)

PLATFORMS
  arm64-darwin-21

DEPENDENCIES
  colorize (~> 0.8.1)
  faraday-retry (~> 2.0)
  octokit (~> 5.6, >= 5.6.1)
  ruby-graphviz (~> 1.2, >= 1.2.5)

RUBY VERSION
   ruby 3.0.0p0

BUNDLED WITH
   2.2.3
